GEM
  remote: https://rubygems.org/
  specs:
    albino (1.3.3)
      posix-spawn (>= 0.3.6)
    base64 (0.2.0)
    bigdecimal (3.1.9)
    classifier (1.4.4)
      fast-stemmer (~> 1.0)
      mutex_m (~> 0.2)
      rake
    csv (3.2.8)
    directory_watcher (1.5.1)
    fast-stemmer (1.0.2)
    jekyll (0.11.0)
      albino (>= 1.3.2)
      classifier (>= 1.3.1)
      directory_watcher (>= 1.1.1)
      kramdown (>= 0.13.2)
      liquid (>= 1.9.0)
      maruku (>= 0.5.9)
    jekyll-postcss-v2 (1.0.2)
    kramdown (2.4.0)
      rexml
    liquid (4.0.4)
    logger (1.6.0)
    maruku (0.7.3)
    mutex_m (0.3.0)
    ostruct (0.6.0)
    posix-spawn (0.3.15)
    rake (13.2.1)
    rexml (3.3.9)
    webrick (1.9.1)

PLATFORMS
  ruby
  x86_64-linux

DEPENDENCIES
  base64
  bigdecimal
  csv
  jekyll
  jekyll-postcss-v2
  logger
  ostruct
  webrick

RUBY VERSION
   ruby 3.3.5p100

BUNDLED WITH
   2.6.3
